GEM
  remote: https://rubygems.org/
  specs:
    backports (3.17.0)
    concurrent-ruby (1.1.6)
    dotenv (2.7.6)
    faker (2.10.2)
      i18n (>= 1.6, < 2)
    i18n (1.8.2)
      concurrent-ruby (~> 1.0)
    jwt (2.2.2)
    multi_json (1.14.1)
    mustermann (1.1.1)
      ruby2_keywords (~> 0.0.1)
    rack (2.2.3)
    rack-protection (2.0.8.1)
      rack
    rack-ssl-enforcer (0.2.9)
    ruby2_keywords (0.0.2)
    sinatra (2.0.8.1)
      mustermann (~> 1.0)
      rack (~> 2.0)
      rack-protection (= 2.0.8.1)
      tilt (~> 2.0)
    sinatra-contrib (2.0.8.1)
      backports (>= 2.8.2)
      multi_json
      mustermann (~> 1.0)
      rack-protection (= 2.0.8.1)
      sinatra (= 2.0.8.1)
      tilt (~> 2.0)
    sorbet-runtime (0.5.6042)
    tilt (2.0.10)
    workos (0.9.0)
      sorbet-runtime (~> 0.5)

PLATFORMS
  ruby

DEPENDENCIES
  dotenv
  faker
  jwt
  rack-ssl-enforcer
  sinatra
  sinatra-contrib
  workos

RUBY VERSION
   ruby 2.7.5p203

BUNDLED WITH
   2.1.4
