GEM
  remote: https://rubygems.org/
  specs:
    concurrent-ruby (1.1.6)
    dotenv (2.7.6)
    faker (2.10.2)
      i18n (>= 1.6, < 2)
    i18n (1.8.2)
      concurrent-ruby (~> 1.0)
    jwt (2.2.2)
    multi_json (1.15.0)
    mustermann (2.0.2)
      ruby2_keywords (~> 0.0.1)
    rack (2.2.4)
    rack-protection (2.2.3)
      rack
    rack-ssl-enforcer (0.2.9)
    ruby2_keywords (0.0.5)
    sinatra (2.2.3)
      mustermann (~> 2.0)
      rack (~> 2.2)
      rack-protection (= 2.2.3)
      tilt (~> 2.0)
    sinatra-contrib (2.2.3)
      multi_json
      mustermann (~> 2.0)
      rack-protection (= 2.2.3)
      sinatra (= 2.2.3)
      tilt (~> 2.0)
    sorbet-runtime (0.5.10576)
    tilt (2.0.11)
    workos (2.9.0)
      sorbet-runtime (~> 0.5)

PLATFORMS
  ruby

DEPENDENCIES
  dotenv
  faker
  jwt
  rack-ssl-enforcer
  sinatra
  sinatra-contrib
  workos

RUBY VERSION
   ruby 2.7.5p203

BUNDLED WITH
   2.1.4
